PATH
  remote: .
  specs:
    physique (0.3.10)
      activesupport (~> 4.1)
      albacore (~> 2.3)
      map (~> 6.5)
      rake (~> 10)
      semver2 (~> 3.4)

GEM
  remote: https://rubygems.org/
  specs:
    activesupport (4.2.4)
      i18n (~> 0.7)
      json (~> 1.7, >= 1.7.7)
      minitest (~> 5.1)
      thread_safe (~> 0.3, >= 0.3.4)
      tzinfo (~> 1.1)
    albacore (2.5.4)
      map (~> 6.5)
      nokogiri (~> 1.5)
      rake (~> 10)
      semver2 (~> 3.4)
    diff-lcs (1.2.5)
    i18n (0.7.0)
    json (1.8.3)
    map (6.5.5)
    mini_portile (0.6.2)
    minitest (5.8.1)
    nokogiri (1.6.6.2-x64-mingw32)
      mini_portile (~> 0.6.0)
    rake (10.4.2)
    rspec (2.14.1)
      rspec-core (~> 2.14.0)
      rspec-expectations (~> 2.14.0)
      rspec-mocks (~> 2.14.0)
    rspec-core (2.14.8)
    rspec-expectations (2.14.5)
      diff-lcs (>= 1.1.3, < 2.0)
    rspec-mocks (2.14.6)
    semver2 (3.4.2)
    thread_safe (0.3.5)
    tzinfo (1.2.2)
      thread_safe (~> 0.1)

PLATFORMS
  ruby
  x64-mingw32
  x86-mingw32

DEPENDENCIES
  bundler
  physique!
  rspec (= 2.14.1)

BUNDLED WITH
   1.10.6
